{
    "TaskName": "englishlfs",
    "Manufacturer": "Brain Products",
    "PowerLineFrequency": "n/a",
    "SamplingFrequency": 200.0,
    "SoftwareFilters": "n/a",
    "RecordingDuration": 341.995,
    "RecordingType": "continuous",
    "iEEGReference": "n/a",
    "ECOGChannelCount": 0,
    "SEEGChannelCount": 158,
    "EEGChannelCount": 0,
    "EOGChannelCount": 0,
    "ECGChannelCount": 0,
    "EMGChannelCount": 0,
    "MiscChannelCount": 0,
    "TriggerChannelCount": 0
}
